GIT
  remote: git://github.com/jheth/kami.git
  revision: e77258c3b353e89e5a8dc6834e3caaa1e8374671
  branch: master
  specs:
    kami (0.1.0)
      rest-client (~> 1.8.0)

GIT
  remote: git@github.com:sparklemotion/nokogiri.git
  revision: fe57e9080a8f1c238c706f0599d5fcfaeea33f8c
  specs:
    nokogiri (1.5)

GIT
  remote: https://mailchimp@bitbucket.org/mailchimp/mailchimp-api-ruby.git
  revision: 37dbe82057b96e135881c9379c0a3d5f8f32bf1f
  specs:
    mailchimp-api (2.0.6)
      excon (>= 0.16.0)
      json (>= 1.7.7)

PATH
  remote: /Users/jheth/soapforce
  specs:
    soapforce (0.5.0)
      savon (>= 2.3.0, < 3.0.0)

GEM
  remote: https://rubygems.org/
  specs:
    akami (1.3.1)
      gyoku (>= 0.4.0)
      nokogiri
    awesome_print (1.0.2)
    builder (3.2.2)
    byebug (8.2.5)
    coderay (1.1.1)
    diff-lcs (1.2.5)
    docile (1.1.5)
    domain_name (0.5.20160310)
      unf (>= 0.0.5, < 1.0.0)
    excon (0.49.0)
    gyoku (1.3.1)
      builder (>= 2.1.2)
    http-cookie (1.0.2)
      domain_name (~> 0.5)
    httpi (2.4.2)
      rack
      socksify
    json (1.8.3)
    method_source (0.8.2)
    mime-types (2.99.1)
    netrc (0.11.0)
    nori (2.6.0)
    pry (0.10.3)
      coderay (~> 1.1.0)
      method_source (~> 0.8.1)
      slop (~> 3.4)
    pry-byebug (3.3.0)
      byebug (~> 8.0)
      pry (~> 0.10)
    rack (1.6.4)
    rack-protection (1.5.3)
      rack
    rest-client (1.8.0)
      http-cookie (>= 1.0.2, < 2.0)
      mime-types (>= 1.16, < 3.0)
      netrc (~> 0.7)
    rspec (3.4.0)
      rspec-core (~> 3.4.0)
      rspec-expectations (~> 3.4.0)
      rspec-mocks (~> 3.4.0)
    rspec-core (3.4.4)
      rspec-support (~> 3.4.0)
    rspec-expectations (3.4.0)
      diff-lcs (>= 1.2.0, < 2.0)
      rspec-support (~> 3.4.0)
    rspec-mocks (3.4.1)
      diff-lcs (>= 1.2.0, < 2.0)
      rspec-support (~> 3.4.0)
    rspec-support (3.4.1)
    ruby-graphviz (1.0.5)
    savon (2.11.1)
      akami (~> 1.2)
      builder (>= 2.1.2)
      gyoku (~> 1.2)
      httpi (~> 2.3)
      nokogiri (>= 1.4.0)
      nori (~> 2.4)
      wasabi (~> 3.4)
    simplecov (0.11.2)
      docile (~> 1.1.0)
      json (~> 1.8)
      simplecov-html (~> 0.10.0)
    simplecov-html (0.10.0)
    sinatra (1.4.7)
      rack (~> 1.5)
      rack-protection (~> 1.4)
      tilt (>= 1.3, < 3)
    slop (3.6.0)
    socksify (1.7.0)
    tilt (2.0.2)
    unf (0.1.4)
      unf_ext
    unf_ext (0.0.7.2)
    wasabi (3.5.0)
      httpi (~> 2.0)
      nokogiri (>= 1.4.2)

PLATFORMS
  ruby

DEPENDENCIES
  awesome_print (~> 1.0.0)
  kami!
  mailchimp-api!
  nokogiri (= 1.5)!
  pry-byebug
  rack (>= 1.0)
  rspec
  ruby-graphviz (= 1.0.5)
  simplecov
  sinatra
  soapforce!

RUBY VERSION
   ruby 2.3.0p0

BUNDLED WITH
   1.12.3
